GEM
  remote: https://rubygems.org/
  specs:
    debase (0.2.1)
      debase-ruby_core_source
    debase-ruby_core_source (0.9.9)
    faraday (0.12.0.1)
      multipart-post (>= 1.2, < 3)
    ffi (1.9.18)
    filetree (1.0.0)
    jruby-jars (1.7.26)
    jruby-parser (0.5.4)
    md2review (1.11.0)
      redcarpet (> 2.0.0)
    multipart-post (2.0.0)
    rack (1.6.5)
    rack-protection (1.5.3)
      rack
    rake (12.0.0)
    redcarpet (3.4.0)
    review (2.2.0)
      rouge
      rubyzip
    rouge (2.0.7)
    rsense (0.5.18)
      bundler (~> 1.6)
      filetree (~> 1.0.0)
      jruby-jars (~> 1.7.4)
      jruby-parser (~> 0.5.4)
      rsense-core (~> 0.6.6)
      rsense-server (~> 0.5.18)
      spoon (~> 0.0.4)
      thor (>= 0.18.1, < 0.20)
    rsense-core (0.6.6)
      filetree (~> 1.0.0)
      jruby-jars (~> 1.7.4)
      jruby-parser (~> 0.5.4)
      spoon (~> 0.0.4)
      thor (>= 0.18.1, < 0.20)
    rsense-server (0.5.18)
      bundler (~> 1.6)
      faraday
      filetree (~> 1.0.0)
      jruby-jars (~> 1.7.4)
      jruby-parser (~> 0.5.4)
      rsense-core (~> 0.6.6)
      sinatra
      spoon (~> 0.0.4)
    ruby-debug-ide (0.6.0)
      rake (>= 0.8.1)
    rubyzip (1.2.1)
    sinatra (1.4.8)
      rack (~> 1.5)
      rack-protection (~> 1.4)
      tilt (>= 1.3, < 3)
    spoon (0.0.6)
      ffi
    thor (0.19.4)
    tilt (2.0.7)

PLATFORMS
  ruby

DEPENDENCIES
  bundler (= 1.11.2)
  debase (= 0.2.1)
  md2review (= 1.11.0)
  rake (= 12.0.0)
  review (= 2.2.0)
  rsense (= 0.5.18)
  ruby-debug-ide (= 0.6.0)

BUNDLED WITH
   1.11.2
